GEM
  remote: https://rubygems.org/
  specs:
    dotenv (3.0.0)
    mysql2 (0.5.6)

PLATFORMS
  arm64-darwin-23
  x64-unknown

DEPENDENCIES
  dotenv (~> 3.0)
  mysql2 (~> 0.5.3)

BUNDLED WITH
   2.4.10
